GEM
  remote: https://rubygems.org/
  specs:
    awesome_print (1.2.0)
    yajl-ruby (1.1.0)

PLATFORMS
  ruby

DEPENDENCIES
  awesome_print
  yajl-ruby
